GEM
  remote: http://rubygems.org/
  specs:
    addressable (2.2.6)
    cinch (1.1.3)
    daemons (1.1.4)
    eventmachine (0.12.10)
    faraday (0.7.5)
      addressable (~> 2.2.6)
      multipart-post (~> 1.1.3)
      rack (>= 1.1.0, < 2)
    geoloqi (0.9.33)
      faraday (>= 0.6.1)
      json
    http_parser.rb (0.5.1)
    json (1.5.3)
    macaddr (1.5.0)
      systemu (>= 2.4.0)
    mime-types (1.16)
    multi_json (1.0.3)
    multipart-post (1.1.3)
    oauth (0.4.5)
    rack (1.3.5)
    rake (0.9.2)
    redis (2.2.1)
    simple_oauth (0.1.5)
    sinatra (1.2.6)
      rack (~> 1.1)
      tilt (>= 1.2.2, < 2.0)
    systemu (2.4.1)
    thin (1.2.11)
      daemons (>= 1.0.9)
      eventmachine (>= 0.12.6)
      rack (>= 1.0.0)
    tilt (1.3.3)
    tweetstream (1.1.2)
      daemons (~> 1.1.4)
      multi_json (~> 1.0.3)
      twitter-stream (~> 0.1.14)
    twitter-stream (0.1.14)
      eventmachine (>= 0.12.8)
      http_parser.rb (~> 0.5.1)
      simple_oauth (~> 0.1.4)
    typhoeus (0.2.4)
      mime-types
      mime-types
    uuid (2.3.4)
      macaddr (~> 1.0)

PLATFORMS
  ruby

DEPENDENCIES
  cinch
  geoloqi
  json
  oauth
  rake
  redis
  sinatra
  thin
  tweetstream
  typhoeus
  uuid
